GEM
  remote: https://rubygems.org/
  specs:
    actioncable (6.0.4.8)
      actionpack (= 6.0.4.8)
      nio4r (~> 2.0)
      websocket-driver (>= 0.6.1)
    actionmailbox (6.0.4.8)
      actionpack (= 6.0.4.8)
      activejob (= 6.0.4.8)
      activerecord (= 6.0.4.8)
      activestorage (= 6.0.4.8)
      activesupport (= 6.0.4.8)
      mail (>= 2.7.1)
    actionmailer (6.0.4.8)
      actionpack (= 6.0.4.8)
      actionview (= 6.0.4.8)
      activejob (= 6.0.4.8)
      mail (~> 2.5, >= 2.5.4)
      rails-dom-testing (~> 2.0)
    actionpack (6.0.4.8)
      actionview (= 6.0.4.8)
      activesupport (= 6.0.4.8)
      rack (~> 2.0, >= 2.0.8)
      rack-test (>= 0.6.3)
      rails-dom-testing (~> 2.0)
      rails-html-sanitizer (~> 1.0, >= 1.2.0)
    actiontext (6.0.4.8)
      actionpack (= 6.0.4.8)
      activerecord (= 6.0.4.8)
      activestorage (= 6.0.4.8)
      activesupport (= 6.0.4.8)
      nokogiri (>= 1.8.5)
    actionview (6.0.4.8)
      activesupport (= 6.0.4.8)
      builder (~> 3.1)
      erubi (~> 1.4)
      rails-dom-testing (~> 2.0)
      rails-html-sanitizer (~> 1.1, >= 1.2.0)
    activejob (6.0.4.8)
      activesupport (= 6.0.4.8)
      globalid (>= 0.3.6)
    activemodel (6.0.4.8)
      activesupport (= 6.0.4.8)
    activerecord (6.0.4.8)
      activemodel (= 6.0.4.8)
      activesupport (= 6.0.4.8)
    activestorage (6.0.4.8)
      actionpack (= 6.0.4.8)
      activejob (= 6.0.4.8)
      activerecord (= 6.0.4.8)
      marcel (~> 1.0.0)
    activesupport (6.0.4.8)
      concurrent-ruby (~> 1.0, >= 1.0.2)
      i18n (>= 0.7, < 2)
      minitest (~> 5.1)
      tzinfo (~> 1.1)
      zeitwerk (~> 2.2, >= 2.2.2)
    addressable (2.8.0)
      public_suffix (>= 2.0.2, < 5.0)
    airbrussh (1.4.0)
      sshkit (>= 1.6.1, != 1.7.0)
    annotate (3.2.0)
      activerecord (>= 3.2, < 8.0)
      rake (>= 10.4, < 14.0)
    argon2 (2.1.1)
      ffi (~> 1.14)
      ffi-compiler (~> 1.0)
    ast (2.4.2)
    audited (4.10.0)
      activerecord (>= 4.2, < 6.2)
    autoprefixer-rails (10.4.2.0)
      execjs (~> 2)
    aws-eventstream (1.2.0)
    aws-sdk (2.11.632)
      aws-sdk-resources (= 2.11.632)
    aws-sdk-core (2.11.632)
      aws-sigv4 (~> 1.0)
      jmespath (~> 1.0)
    aws-sdk-resources (2.11.632)
      aws-sdk-core (= 2.11.632)
    aws-sigv4 (1.5.0)
      aws-eventstream (~> 1, >= 1.0.2)
    bcrypt (3.1.17)
    bcrypt_pbkdf (1.1.0)
    better_errors (2.9.1)
      coderay (>= 1.0.0)
      erubi (>= 1.0.0)
      rack (>= 0.9.0)
    binding_of_caller (1.0.0)
      debug_inspector (>= 0.0.1)
    bootstrap (4.3.1)
      autoprefixer-rails (>= 9.1.0)
      popper_js (>= 1.14.3, < 2)
      sassc-rails (>= 2.0.0)
    bootstrap-will_paginate (1.0.0)
      will_paginate
    browserstack-local (1.3.0)
    builder (3.2.4)
    byebug (11.1.3)
    capistrano (3.16.0)
      airbrussh (>= 1.0.0)
      i18n
      rake (>= 10.0.0)
      sshkit (>= 1.9.0)
    capistrano-bundler (1.1.4)
      capistrano (~> 3.1)
      sshkit (~> 1.2)
    capistrano-rails (1.1.8)
      capistrano (~> 3.1)
      capistrano-bundler (~> 1.1)
    capistrano-rails-console (2.3.0)
      capistrano (>= 3.5.0, < 4.0.0)
      sshkit-interactive (~> 0.3.0)
    capistrano-rbenv (2.0.4)
      capistrano (~> 3.1)
      sshkit (~> 1.3)
    capistrano-systemd-multiservice (0.1.0.beta12)
      capistrano (>= 3.7.0, < 3.17.0)
    capybara (3.37.0)
      addressable
      matrix
      mini_mime (>= 0.1.3)
      nokogiri (~> 1.8)
      rack (>= 1.6.0)
      rack-test (>= 0.6.3)
      regexp_parser (>= 1.5, < 3.0)
      xpath (~> 3.2)
    capybara-screenshot (1.0.26)
      capybara (>= 1.0, < 4)
      launchy
    capybara-selenium (0.0.6)
      capybara
      selenium-webdriver
    celluloid (0.16.0)
      timers (~> 4.0.0)
    chartkick (4.1.3)
    childprocess (3.0.0)
    chronic (0.10.2)
    clearance (2.5.0)
      actionmailer (>= 5.0)
      activemodel (>= 5.0)
      activerecord (>= 5.0)
      argon2 (~> 2.0, >= 2.0.2)
      bcrypt (>= 3.1.1)
      email_validator (~> 2.0)
      railties (>= 5.0)
    climate_control (0.2.0)
    coderay (1.1.3)
    concurrent-ruby (1.1.10)
    countries (4.2.3)
      i18n_data (~> 0.16.0)
      sixarm_ruby_unaccent (~> 1.1)
    crass (1.0.6)
    daemons (1.4.1)
    dalli (3.2.1)
    dante (0.2.0)
    database_cleaner (2.0.1)
      database_cleaner-active_record (~> 2.0.0)
    database_cleaner-active_record (2.0.1)
      activerecord (>= 5.a)
      database_cleaner-core (~> 2.0.0)
    database_cleaner-core (2.0.1)
    debug_inspector (1.1.0)
    delayed_job (4.1.10)
      activesupport (>= 3.0, < 8.0)
    delayed_job_active_record (4.1.7)
      activerecord (>= 3.0, < 8.0)
      delayed_job (>= 3.0, < 5)
    diff-lcs (1.5.0)
    docile (1.4.0)
    domain_name (0.5.20190701)
      unf (>= 0.0.5, < 1.0.0)
    dotenv (2.7.6)
    dotenv-rails (2.7.6)
      dotenv (= 2.7.6)
      railties (>= 3.2)
    ed25519 (1.3.0)
    email_validator (2.2.3)
      activemodel
    erubi (1.10.0)
    exception_notification (4.5.0)
      actionmailer (>= 5.2, < 8)
      activesupport (>= 5.2, < 8)
    execjs (2.8.1)
    factory_bot (6.2.1)
      activesupport (>= 5.0.0)
    factory_bot_rails (6.2.0)
      factory_bot (~> 6.2.0)
      railties (>= 5.0.0)
    faker (2.20.0)
      i18n (>= 1.8.11, < 2)
    faraday (2.2.0)
      faraday-net_http (~> 2.0)
      ruby2_keywords (>= 0.0.4)
    faraday-net_http (2.0.2)
    ffi (1.15.5)
    ffi-compiler (1.0.1)
      ffi (>= 1.0.0)
      rake
    flamegraph (0.9.5)
    font-awesome-rails (4.7.0.8)
      railties (>= 3.2, < 8.0)
    friendly_id (5.4.2)
      activerecord (>= 4.0.0)
    geocoder (1.7.5)
    gibbon (3.4.4)
      faraday (>= 1.0)
      multi_json (>= 1.11.0)
    globalid (1.0.0)
      activesupport (>= 5.0)
    gravatar_image_tag (1.2.0)
    groupdate (6.1.0)
      activesupport (>= 5.2)
    has_scope (0.8.0)
      actionpack (>= 5.2)
      activesupport (>= 5.2)
    hitimes (2.0.0)
    honeybadger (4.12.1)
    http-accept (1.7.0)
    http-cookie (1.0.4)
      domain_name (~> 0.5)
    i18n (1.10.0)
      concurrent-ruby (~> 1.0)
    i18n_data (0.16.0)
      simple_po_parser (~> 1.1)
    jmespath (1.6.1)
    kgio (2.11.4)
    launchy (2.5.0)
      addressable (~> 2.7)
    libv8-node (16.10.0.0-x86_64-darwin)
    libv8-node (16.10.0.0-x86_64-linux)
    loofah (2.17.0)
      crass (~> 1.0.2)
      nokogiri (>= 1.5.9)
    mail (2.7.1)
      mini_mime (>= 0.1.1)
    marcel (1.0.2)
    matrix (0.4.2)
    method_source (1.0.0)
    mime-types (3.4.1)
      mime-types-data (~> 3.2015)
    mime-types-data (3.2022.0105)
    mimemagic (0.3.10)
      nokogiri (~> 1)
      rake
    mini_mime (1.1.2)
    mini_racer (0.6.2)
      libv8-node (~> 16.10.0.0)
    minitest (5.15.0)
    mjml-rails (4.7.2)
    multi_json (1.15.0)
    net-scp (3.0.0)
      net-ssh (>= 2.6.5, < 7.0.0)
    net-ssh (6.1.0)
    netrc (0.11.0)
    newrelic_rpm (8.6.0)
    nio4r (2.5.8)
    nokogiri (1.13.6-x86_64-darwin)
      racc (~> 1.4)
    nokogiri (1.13.6-x86_64-linux)
      racc (~> 1.4)
    paperclip (5.3.0)
      activemodel (>= 4.2.0)
      activesupport (>= 4.2.0)
      mime-types
      mimemagic (~> 0.3.0)
      terrapin (~> 0.6.0)
    parallel (1.22.1)
    parser (3.1.2.0)
      ast (~> 2.4.1)
    pg (0.21.0)
    popper_js (1.16.0)
    powder (0.4.0)
      thor (>= 0.11.5)
    pry (0.13.1)
      coderay (~> 1.1)
      method_source (~> 1.0)
    pry-byebug (3.9.0)
      byebug (~> 11.0)
      pry (~> 0.13.0)
    pry-doc (1.3.0)
      pry (~> 0.11)
      yard (~> 0.9.11)
    pry-rails (0.3.9)
      pry (>= 0.10.4)
    pry-stack_explorer (0.6.1)
      binding_of_caller (~> 1.0)
      pry (~> 0.13)
    public_suffix (4.0.7)
    puma (5.6.4)
      nio4r (~> 2.0)
    racc (1.6.0)
    rack (2.2.3)
    rack-cache (1.13.0)
      rack (>= 0.4)
    rack-mini-profiler (3.0.0)
      rack (>= 1.2.0)
    rack-proxy (0.7.2)
      rack
    rack-test (1.1.0)
      rack (>= 1.0, < 3)
    rack_session_access (0.2.0)
      builder (>= 2.0.0)
      rack (>= 1.0.0)
    rails (6.0.4.8)
      actioncable (= 6.0.4.8)
      actionmailbox (= 6.0.4.8)
      actionmailer (= 6.0.4.8)
      actionpack (= 6.0.4.8)
      actiontext (= 6.0.4.8)
      actionview (= 6.0.4.8)
      activejob (= 6.0.4.8)
      activemodel (= 6.0.4.8)
      activerecord (= 6.0.4.8)
      activestorage (= 6.0.4.8)
      activesupport (= 6.0.4.8)
      bundler (>= 1.3.0)
      railties (= 6.0.4.8)
      sprockets-rails (>= 2.0.0)
    rails-controller-testing (1.0.5)
      actionpack (>= 5.0.1.rc1)
      actionview (>= 5.0.1.rc1)
      activesupport (>= 5.0.1.rc1)
    rails-dom-testing (2.0.3)
      activesupport (>= 4.2.0)
      nokogiri (>= 1.6)
    rails-html-sanitizer (1.4.2)
      loofah (~> 2.3)
    rails4-autocomplete (1.1.1)
      rails (>= 3.0)
    railties (6.0.4.8)
      actionpack (= 6.0.4.8)
      activesupport (= 6.0.4.8)
      method_source
      rake (>= 0.8.7)
      thor (>= 0.20.3, < 2.0)
    rainbow (3.1.1)
    raindrops (0.20.0)
    rake (13.0.6)
    record_tag_helper (1.0.1)
      actionview (>= 5)
    redcarpet (3.5.1)
    regexp_parser (2.3.1)
    responders (3.0.1)
      actionpack (>= 5.0)
      railties (>= 5.0)
    rest-client (2.1.0)
      http-accept (>= 1.7.0, < 2.0)
      http-cookie (>= 1.0.2, < 2.0)
      mime-types (>= 1.16, < 4.0)
      netrc (~> 0.8)
    rexml (3.2.5)
    rspec-collection_matchers (1.2.0)
      rspec-expectations (>= 2.99.0.beta1)
    rspec-core (3.11.0)
      rspec-support (~> 3.11.0)
    rspec-expectations (3.11.0)
      diff-lcs (>= 1.2.0, < 2.0)
      rspec-support (~> 3.11.0)
    rspec-mocks (3.11.1)
      diff-lcs (>= 1.2.0, < 2.0)
      rspec-support (~> 3.11.0)
    rspec-rails (5.1.2)
      actionpack (>= 5.2)
      activesupport (>= 5.2)
      railties (>= 5.2)
      rspec-core (~> 3.10)
      rspec-expectations (~> 3.10)
      rspec-mocks (~> 3.10)
      rspec-support (~> 3.10)
    rspec-support (3.11.0)
    rubocop (1.28.2)
      parallel (~> 1.10)
      parser (>= 3.1.0.0)
      rainbow (>= 2.2.2, < 4.0)
      regexp_parser (>= 1.8, < 3.0)
      rexml
      rubocop-ast (>= 1.17.0, < 2.0)
      ruby-progressbar (~> 1.7)
      unicode-display_width (>= 1.4.0, < 3.0)
    rubocop-ast (1.17.0)
      parser (>= 3.1.1.0)
    rubocop-performance (1.13.3)
      rubocop (>= 1.7.0, < 2.0)
      rubocop-ast (>= 0.4.0)
    rubocop-rails (2.14.2)
      activesupport (>= 4.2.0)
      rack (>= 1.1)
      rubocop (>= 1.7.0, < 2.0)
    rubocop-rspec (2.10.0)
      rubocop (~> 1.19)
    ruby-ole (1.2.12.2)
    ruby-progressbar (1.11.0)
    ruby2_keywords (0.0.5)
    rubyzip (2.3.2)
    sassc (2.4.0)
      ffi (~> 1.9)
    sassc-rails (2.1.2)
      railties (>= 4.0.0)
      sassc (>= 2.0)
      sprockets (> 3.0)
      sprockets-rails
      tilt
    selenium-webdriver (3.142.7)
      childprocess (>= 0.5, < 4.0)
      rubyzip (>= 1.2.2)
    semantic_range (3.0.0)
    simple_po_parser (1.1.6)
    simplecov (0.21.2)
      docile (~> 1.1)
      simplecov-html (~> 0.11)
      simplecov_json_formatter (~> 0.1)
    simplecov-html (0.12.3)
    simplecov-lcov (0.8.0)
    simplecov_json_formatter (0.1.4)
    sixarm_ruby_unaccent (1.2.0)
    spreadsheet (1.3.0)
      ruby-ole
    sprockets (4.0.3)
      concurrent-ruby (~> 1.0)
      rack (> 1, < 3)
    sprockets-rails (3.4.2)
      actionpack (>= 5.2)
      activesupport (>= 5.2)
      sprockets (>= 3.0.0)
    sshkit (1.21.2)
      net-scp (>= 1.1.2)
      net-ssh (>= 2.8.0)
    sshkit-interactive (0.3.0)
      sshkit (~> 1.12)
    stackprof (0.2.19)
    strip_attributes (1.12.0)
      activemodel (>= 3.0, < 8.0)
    stripe (5.53.0)
    stripe-ruby-mock (2.5.8)
      dante (>= 0.2.0)
      multi_json (~> 1.0)
      stripe (>= 2.0.3)
    sucker_punch (1.5.1)
      celluloid (= 0.16.0)
    terrapin (0.6.0)
      climate_control (>= 0.0.3, < 1.0)
    thor (1.2.1)
    thread_safe (0.3.6)
    tilt (2.0.10)
    timers (4.0.4)
      hitimes
    to_xls (1.5.3)
      spreadsheet
    tzinfo (1.2.9)
      thread_safe (~> 0.1)
    uglifier (4.2.0)
      execjs (>= 0.3.0, < 3)
    unf (0.1.4)
      unf_ext
    unf_ext (0.0.8.1)
    unicode-display_width (2.1.0)
    unicorn (5.5.0.1.g6836)
      kgio (~> 2.6)
      raindrops (~> 0.7)
    webdrivers (4.6.1)
      nokogiri (~> 1.6)
      rubyzip (>= 1.3.0)
      selenium-webdriver (>= 3.0, < 4.0)
    webpacker (5.4.3)
      activesupport (>= 5.2)
      rack-proxy (>= 0.6.1)
      railties (>= 5.2)
      semantic_range (>= 2.3.0)
    webrick (1.7.0)
    websocket-driver (0.7.5)
      websocket-extensions (>= 0.1.0)
    websocket-extensions (0.1.5)
    whenever (0.9.7)
      chronic (>= 0.6.3)
    wicked_pdf (2.6.0)
      activesupport
    will_paginate (3.3.1)
    xpath (3.2.0)
      nokogiri (~> 1.8)
    yard (0.9.27)
      webrick (~> 1.7.0)
    zeitwerk (2.5.4)

PLATFORMS
  x86_64-darwin-20
  x86_64-linux

DEPENDENCIES
  annotate
  audited (~> 4.5)
  aws-sdk (~> 2)
  bcrypt_pbkdf (>= 1.0, < 2.0)
  better_errors
  binding_of_caller
  bootstrap (~> 4.3.1)
  bootstrap-will_paginate (~> 1.0.0)
  browserstack-local
  capistrano (~> 3.11)
  capistrano-bundler (~> 1.1.4)
  capistrano-rails (~> 1.1.5)
  capistrano-rails-console
  capistrano-rbenv (~> 2.0.3)
  capistrano-systemd-multiservice
  capybara
  capybara-screenshot
  capybara-selenium
  chartkick
  clearance
  countries (~> 4.2, >= 4.2.3)
  daemons
  dalli
  database_cleaner
  delayed_job
  delayed_job_active_record
  dotenv
  dotenv-rails
  ed25519 (>= 1.2, < 2.0)
  exception_notification
  factory_bot_rails
  faker
  flamegraph
  font-awesome-rails
  friendly_id (~> 5.3)
  geocoder
  gibbon
  gravatar_image_tag
  groupdate
  has_scope
  honeybadger (~> 4.0)
  mini_racer (>= 0.2.3)
  mjml-rails (~> 4.6, >= 4.6.1)
  newrelic_rpm
  paperclip (~> 5)
  pg (~> 0.21.0)
  powder
  pry-byebug
  pry-doc
  pry-rails
  pry-stack_explorer
  puma
  rack-cache
  rack-mini-profiler
  rack_session_access
  rails (~> 6.0.4.3)
  rails-controller-testing
  rails4-autocomplete
  record_tag_helper (~> 1.0)
  redcarpet
  responders
  rest-client (~> 2.1)
  rspec-collection_matchers
  rspec-rails
  rubocop
  rubocop-performance
  rubocop-rails
  rubocop-rspec
  sassc (~> 2.4)
  simplecov
  simplecov-lcov
  stackprof
  strip_attributes
  stripe
  stripe-ruby-mock (~> 2.5.4)
  sucker_punch (~> 1.5.1)
  to_xls
  uglifier
  unicorn (~> 5.5.0.1.g6836)
  webdrivers (~> 4.6.1)
  webpacker (~> 5.2, >= 5.2.1)
  whenever (~> 0.9.4)
  wicked_pdf
  will_paginate

RUBY VERSION
   ruby 2.7.4p191

BUNDLED WITH
   2.2.33
